GEM
  remote: http://gemcutter.org/
  specs:
    chingu (0.9rc5)
      gosu (>= 0.7.27.1)
    chipmunk (5.3.4.4)
    chipmunk (5.3.4.4-x86-mingw32)
    clipboard (0.9.8)
    ffi (1.0.9)
    ffi (1.0.9-x86-mingw32)
    fidgit (0.1.5)
      chingu (~> 0.9rc5)
      clipboard (~> 0.9.8)
      ffi (~> 1.0.9)
      gosu (~> 0.7.32)
    gosu (0.7.33)
    gosu (0.7.33-x86-mingw32)
    r18n-core (0.4.9)
    r18n-desktop (0.4.9)
      r18n-core (= 0.4.9)
    texplay (0.3.5)
      gosu (>= 0.7.25)
    texplay (0.3.5-x86-mingw32)
      gosu (>= 0.7.25)

PLATFORMS
  ruby
  x86-mingw32

DEPENDENCIES
  chingu (~> 0.9rc5)
  chipmunk (~> 5.3.4)
  fidgit (~> 0.1.5)
  gosu (~> 0.7.33)
  r18n-desktop (~> 0.4.9)
  texplay (~> 0.3.5)
