GEM
  remote: http://gemcutter.org/
  specs:
    chingu (0.9rc4)
      gosu (>= 0.7.27.1)
    chipmunk (5.2.2)
    chipmunk (5.2.2-x86-mingw32)
    fidgit (0.0.5alpha)
      chingu (~> 0.9rc4)
      gosu (~> 0.7.28)
    gosu (0.7.29)
    gosu (0.7.29-x86-mingw32)
    texplay (0.3.5)
      gosu (>= 0.7.25)
    texplay (0.3.5-x86-mingw32)
      gosu (>= 0.7.25)

PLATFORMS
  ruby
  x86-mingw32

DEPENDENCIES
  chingu (~> 0.9rc4)
  chipmunk (= 5.2.2.0)
  fidgit (~> 0.0.5alpha)
  gosu (= 0.7.29)
  texplay (~> 0.3.5)
