GEM
  remote: http://gemcutter.org/
  specs:
    chingu (0.9rc7)
      gosu (>= 0.7.33)
      gosu (>= 0.7.33)
    chipmunk (5.3.4.5)
    chipmunk (5.3.4.5-x86-mingw32)
    clipboard (0.9.9)
    ffi (1.0.9)
    ffi (1.0.9-x86-mingw32)
    fidgit (0.1.9)
      chingu (~> 0.9rc5)
      clipboard (~> 0.9.9)
      ffi (= 1.0.9)
      gosu (~> 0.7.33)
    gosu (0.7.38)
    gosu (0.7.38-x86-mingw32)
    r18n-core (0.4.12)
    r18n-desktop (0.4.12)
      r18n-core (= 0.4.12)
    texplay (0.3.5-x86-mingw32)
      gosu (>= 0.7.25)
    texplay (0.4.2)
      gosu (>= 0.7.25)

PLATFORMS
  ruby
  x86-mingw32

DEPENDENCIES
  chingu (~> 0.9rc7)
  chipmunk (~> 5.3.4)
  fidgit (~> 0.1.9)
  gosu (~> 0.7.38)
  r18n-desktop (~> 0.4.9)
  texplay (~> 0.3)
