GEM
  remote: http://gemcutter.org/
  specs:
    chingu (0.9rc5)
      gosu (>= 0.7.27.1)
    chipmunk (5.2.2)
    chipmunk (5.2.2-x86-mingw32)
    fidgit (0.0.6alpha)
      chingu (~> 0.9rc5)
      gosu (~> 0.7.32)
    gosu (0.7.32)
    gosu (0.7.32-x86-mingw32)
    texplay (0.3.5)
      gosu (>= 0.7.25)
    texplay (0.3.5-x86-mingw32)
      gosu (>= 0.7.25)

PLATFORMS
  ruby
  x86-mingw32

DEPENDENCIES
  chingu (~> 0.9rc5)
  chipmunk (= 5.2.2.0)
  fidgit (~> 0.0.6alpha)
  gosu (~> 0.7.32)
  texplay (~> 0.3.5)
